GEM
  remote: https://rubygems.org/
  specs:
    activesupport (4.2.0)
      i18n (~> 0.7)
      json (~> 1.7, >= 1.7.7)
      minitest (~> 5.1)
      thread_safe (~> 0.3, >= 0.3.4)
      tzinfo (~> 1.1)
    axiom-types (0.1.1)
      descendants_tracker (~> 0.0.4)
      ice_nine (~> 0.11.0)
      thread_safe (~> 0.3, >= 0.3.1)
    builder (3.2.2)
    coercible (1.0.0)
      descendants_tracker (~> 0.0.1)
    descendants_tracker (0.0.4)
      thread_safe (~> 0.3, >= 0.3.1)
    digest (0.0.1)
    equalizer (0.0.9)
    faraday (0.9.1)
      multipart-post (>= 1.2, < 3)
    faraday-detailed_logger (1.0.0)
      faraday
    file-tail (1.1.0)
      tins (~> 1.0)
    grape (0.10.1)
      activesupport
      builder
      hashie (>= 2.1.0)
      multi_json (>= 1.3.2)
      multi_xml (>= 0.5.2)
      rack (>= 1.3.0)
      rack-accept
      rack-mount
      virtus (>= 1.0.0)
    hashie (3.4.0)
    hiredis (0.6.0)
    i18n (0.7.0)
    ice_nine (0.11.1)
    json (1.8.1)
    logger (1.2.8)
    mini_portile (0.6.2)
    minitest (5.5.1)
    msgpack (0.5.11)
    multi_json (1.10.1)
    multi_xml (0.5.5)
    multipart-post (2.0.0)
    nido (0.0.1)
    nokogiri (1.6.6.2)
      mini_portile (~> 0.6.0)
    ohm (2.1.0)
      msgpack
      nido
      redic
    ohm-contrib (2.0.1)
      ohm (~> 2.0)
    ohm-stateful-model (1.0.0)
      ohm
      state_machine
    ohm-zset (0.6)
      ohm
      ohm-contrib
      redis
      sourcify
      uuidtools
    rack (1.6.0)
    rack-accept (0.4.5)
      rack (>= 0.4)
    rack-mount (0.8.3)
      rack (>= 1.0.0)
    rack-test (0.6.3)
      rack (>= 1.0)
    redic (1.3.0)
      hiredis
    redis (3.2.1)
    roo (1.13.2)
      nokogiri
      rubyzip
      spreadsheet (> 0.6.4)
    ruby-ole (1.2.11.8)
    ruby2ruby (2.1.3)
      ruby_parser (~> 3.1)
      sexp_processor (~> 4.0)
    ruby_parser (3.6.4)
      sexp_processor (~> 4.1)
    rubyzip (1.1.7)
    sexp_processor (4.4.5)
    sourcify (0.5.0)
      file-tail (>= 1.0.5)
      ruby2ruby (>= 1.2.5)
      ruby_parser (>= 2.0.5)
      sexp_processor (>= 3.0.5)
    spreadsheet (1.0.3)
      ruby-ole (>= 1.0)
    state_machine (1.2.0)
    thread_safe (0.3.4)
    tins (1.3.4)
    tzinfo (1.2.2)
      thread_safe (~> 0.1)
    uuidtools (2.1.5)
    virtus (1.0.4)
      axiom-types (~> 0.1)
      coercible (~> 1.0)
      descendants_tracker (~> 0.0, >= 0.0.3)
      equalizer (~> 0.0, >= 0.0.9)
    xml-simple (1.1.4)

PLATFORMS
  ruby
  x64-mingw32

DEPENDENCIES
  digest
  faraday
  faraday-detailed_logger
  grape
  logger
  minitest
  ohm (= 2.1.0)
  ohm-contrib
  ohm-stateful-model
  ohm-zset
  rack
  rack-test
  redis
  roo
  xml-simple
